{
  "TaskName": "eo",
  "Manufacturer": "n/a",
  "PowerLineFrequency": 50.0,
  "SamplingFrequency": 128.0,
  "SoftwareFilters": "n/a",
  "RecordingDuration": 243.9921875,
  "RecordingType": "continuous",
  "EEGReference": "n/a",
  "EEGGround": "n/a",
  "EEGPlacementScheme": "n/a",
  "EEGChannelCount": 62,
  "EOGChannelCount": 0,
  "ECGChannelCount": 0,
  "EMGChannelCount": 0,
  "MiscChannelCount": 0,
  "TriggerChannelCount": 0
}